GEM
  remote: https://rubygems.org/
  specs:
    actioncable (7.1.3.4)
      actionpack (= 7.1.3.4)
      activesupport (= 7.1.3.4)
      nio4r (~> 2.0)
      websocket-driver (>= 0.6.1)
      zeitwerk (~> 2.6)
    actionmailbox (7.1.3.4)
      actionpack (= 7.1.3.4)
      activejob (= 7.1.3.4)
      activerecord (= 7.1.3.4)
      activestorage (= 7.1.3.4)
      activesupport (= 7.1.3.4)
      mail (>= 2.7.1)
      net-imap
      net-pop
      net-smtp
    actionmailer (7.1.3.4)
      actionpack (= 7.1.3.4)
      actionview (= 7.1.3.4)
      activejob (= 7.1.3.4)
      activesupport (= 7.1.3.4)
      mail (~> 2.5, >= 2.5.4)
      net-imap
      net-pop
      net-smtp
      rails-dom-testing (~> 2.2)
    actionpack (7.1.3.4)
      actionview (= 7.1.3.4)
      activesupport (= 7.1.3.4)
      nokogiri (>= 1.8.5)
      racc
      rack (>= 2.2.4)
      rack-session (>= 1.0.1)
      rack-test (>= 0.6.3)
      rails-dom-testing (~> 2.2)
      rails-html-sanitizer (~> 1.6)
    actiontext (7.1.3.4)
      actionpack (= 7.1.3.4)
      activerecord (= 7.1.3.4)
      activestorage (= 7.1.3.4)
      activesupport (= 7.1.3.4)
      globalid (>= 0.6.0)
      nokogiri (>= 1.8.5)
    actionview (7.1.3.4)
      activesupport (= 7.1.3.4)
      builder (~> 3.1)
      erubi (~> 1.11)
      rails-dom-testing (~> 2.2)
      rails-html-sanitizer (~> 1.6)
    activejob (7.1.3.4)
      activesupport (= 7.1.3.4)
      globalid (>= 0.3.6)
    activemodel (7.1.3.4)
      activesupport (= 7.1.3.4)
    activerecord (7.1.3.4)
      activemodel (= 7.1.3.4)
      activesupport (= 7.1.3.4)
      timeout (>= 0.4.0)
    activestorage (7.1.3.4)
      actionpack (= 7.1.3.4)
      activejob (= 7.1.3.4)
      activerecord (= 7.1.3.4)
      activesupport (= 7.1.3.4)
      marcel (~> 1.0)
    activesupport (7.1.3.4)
      base64
      bigdecimal
      concurrent-ruby (~> 1.0, >= 1.0.2)
      connection_pool (>= 2.2.5)
      drb
      i18n (>= 1.6, < 2)
      minitest (>= 5.1)
      mutex_m
      tzinfo (~> 2.0)
    addressable (2.8.6)
      public_suffix (>= 2.0.2, < 6.0)
    airbrussh (1.5.2)
      sshkit (>= 1.6.1, != 1.7.0)
    ast (2.4.2)
    base64 (0.2.0)
    bcrypt_pbkdf (1.1.1)
    bcrypt_pbkdf (1.1.1-x86_64-darwin)
    bigdecimal (3.1.8)
    bindex (0.8.1)
    bootsnap (1.18.3)
      msgpack (~> 1.2)
    builder (3.3.0)
    bundler-audit (0.9.1)
      bundler (>= 1.2.0, < 3)
      thor (~> 1.0)
    cancancan (3.6.1)
    capistrano (3.18.1)
      airbrussh (>= 1.0.0)
      i18n
      rake (>= 10.0.0)
      sshkit (>= 1.9.0)
    capistrano-bundle_audit (0.4.0)
      bundler-audit (~> 0.5)
      capistrano (~> 3.0)
      capistrano-bundler (>= 1.4)
    capistrano-bundler (2.1.0)
      capistrano (~> 3.1)
    capistrano-one_time_key (0.1.0)
      capistrano (~> 3.0)
    capistrano-passenger (0.2.1)
      capistrano (~> 3.0)
    capistrano-rails (1.6.3)
      capistrano (~> 3.1)
      capistrano-bundler (>= 1.1, < 3)
    capistrano-shared_configs (0.2.2)
    capybara (3.40.0)
      addressable
      matrix
      mini_mime (>= 0.1.3)
      nokogiri (~> 1.11)
      rack (>= 1.6.0)
      rack-test (>= 0.6.3)
      regexp_parser (>= 1.5, < 3.0)
      xpath (~> 3.2)
    chronic (0.10.2)
    concurrent-ruby (1.3.3)
    config (5.5.1)
      deep_merge (~> 1.2, >= 1.2.1)
    connection_pool (2.4.1)
    crack (1.0.0)
      bigdecimal
      rexml
    crass (1.0.6)
    date (3.3.4)
    debug (1.9.2)
      irb (~> 1.10)
      reline (>= 0.3.8)
    deep_merge (1.2.2)
    diff-lcs (1.5.1)
    dlss-capistrano (4.4.1)
      bcrypt_pbkdf
      capistrano (~> 3.0)
      capistrano-bundle_audit (>= 0.3.0)
      capistrano-one_time_key
      capistrano-shared_configs
      ed25519
    docile (1.4.0)
    dor-rights-auth (1.8.0)
      nokogiri
    drb (2.2.1)
    dry-configurable (1.1.0)
      dry-core (~> 1.0, < 2)
      zeitwerk (~> 2.6)
    dry-core (1.0.1)
      concurrent-ruby (~> 1.0)
      zeitwerk (~> 2.6)
    dry-inflector (1.0.0)
    dry-initializer (3.1.1)
    dry-logic (1.5.0)
      concurrent-ruby (~> 1.0)
      dry-core (~> 1.0, < 2)
      zeitwerk (~> 2.6)
    dry-monads (1.6.0)
      concurrent-ruby (~> 1.0)
      dry-core (~> 1.0, < 2)
      zeitwerk (~> 2.6)
    dry-schema (1.13.4)
      concurrent-ruby (~> 1.0)
      dry-configurable (~> 1.0, >= 1.0.1)
      dry-core (~> 1.0, < 2)
      dry-initializer (~> 3.0)
      dry-logic (>= 1.4, < 2)
      dry-types (>= 1.7, < 2)
      zeitwerk (~> 2.6)
    dry-struct (1.6.0)
      dry-core (~> 1.0, < 2)
      dry-types (>= 1.7, < 2)
      ice_nine (~> 0.11)
      zeitwerk (~> 2.6)
    dry-types (1.7.2)
      bigdecimal (~> 3.0)
      concurrent-ruby (~> 1.0)
      dry-core (~> 1.0)
      dry-inflector (~> 1.0)
      dry-logic (~> 1.4)
      zeitwerk (~> 2.6)
    ed25519 (1.3.0)
    edtf (3.1.1)
      activesupport (>= 3.0, < 8.0)
    erubi (1.12.0)
    faraday (2.9.1)
      faraday-net_http (>= 2.0, < 3.2)
    faraday-net_http (3.1.0)
      net-http
    geo_coord (0.2.0)
    globalid (1.2.1)
      activesupport (>= 6.1)
    hashdiff (1.1.0)
    honeybadger (5.11.1)
    i18n (1.14.5)
      concurrent-ruby (~> 1.0)
    ice_nine (0.11.2)
    iiif-presentation (1.3.0)
      activesupport (>= 3.2.18)
      faraday (~> 2.7)
      geo_coord
      json
    importmap-rails (2.0.1)
      actionpack (>= 6.0.0)
      activesupport (>= 6.0.0)
      railties (>= 6.0.0)
    io-console (0.7.2)
    irb (1.13.1)
      rdoc (>= 4.0.0)
      reline (>= 0.4.2)
    iso-639 (0.3.6)
    jbuilder (2.12.0)
      actionview (>= 5.0.0)
      activesupport (>= 5.0.0)
    json (2.7.2)
    jsonpath (1.1.5)
      multi_json
    language_server-protocol (3.17.0.3)
    loofah (2.22.0)
      crass (~> 1.0.2)
      nokogiri (>= 1.12.0)
    mail (2.8.1)
      mini_mime (>= 0.1.1)
      net-imap
      net-pop
      net-smtp
    marcel (1.0.4)
    matrix (0.4.2)
    method_source (1.1.0)
    mini_mime (1.1.5)
    mini_portile2 (2.8.7)
    minitest (5.23.1)
    mods (3.0.4)
      edtf (~> 3.0)
      iso-639
      nokogiri (>= 1.6.6)
      nom-xml (~> 1.0)
    mods_display (1.6.2)
      i18n
      rails_autolink
      stanford-mods (~> 3.3, >= 3.3.9)
      view_component
    msgpack (1.7.2)
    multi_json (1.15.0)
    mutex_m (0.2.0)
    net-http (0.4.1)
      uri
    net-imap (0.4.12)
      date
      net-protocol
    net-pop (0.1.2)
      net-protocol
    net-protocol (0.2.2)
      timeout
    net-scp (4.0.0)
      net-ssh (>= 2.6.5, < 8.0.0)
    net-sftp (4.0.0)
      net-ssh (>= 5.0.0, < 8.0.0)
    net-smtp (0.5.0)
      net-protocol
    net-ssh (7.2.3)
    newrelic_rpm (9.10.2)
    nio4r (2.7.3)
    nokogiri (1.16.5)
      mini_portile2 (~> 2.8.2)
      racc (~> 1.4)
    nokogiri (1.16.5-x86_64-darwin)
      racc (~> 1.4)
    nokogiri (1.16.5-x86_64-linux)
      racc (~> 1.4)
    nom-xml (1.2.0)
      i18n
      nokogiri
    ocfl (0.9.1)
      activesupport (>= 7.0)
      dry-monads (~> 1.6)
      dry-schema (~> 1.13)
      dry-struct (~> 1.6)
      zeitwerk (~> 2.0)
    okcomputer (1.18.5)
    parallel (1.25.1)
    parser (3.3.2.0)
      ast (~> 2.4.1)
      racc
    propshaft (0.9.0)
      actionpack (>= 7.0.0)
      activesupport (>= 7.0.0)
      rack
      railties (>= 7.0.0)
    psych (5.1.2)
      stringio
    public_suffix (5.0.5)
    puma (6.4.2)
      nio4r (~> 2.0)
    racc (1.8.0)
    rack (3.0.11)
    rack-session (2.0.0)
      rack (>= 3.0.0)
    rack-test (2.1.0)
      rack (>= 1.3)
    rackup (2.1.0)
      rack (>= 3)
      webrick (~> 1.8)
    rails (7.1.3.4)
      actioncable (= 7.1.3.4)
      actionmailbox (= 7.1.3.4)
      actionmailer (= 7.1.3.4)
      actionpack (= 7.1.3.4)
      actiontext (= 7.1.3.4)
      actionview (= 7.1.3.4)
      activejob (= 7.1.3.4)
      activemodel (= 7.1.3.4)
      activerecord (= 7.1.3.4)
      activestorage (= 7.1.3.4)
      activesupport (= 7.1.3.4)
      bundler (>= 1.15.0)
      railties (= 7.1.3.4)
    rails-dom-testing (2.2.0)
      activesupport (>= 5.0.0)
      minitest
      nokogiri (>= 1.6)
    rails-html-sanitizer (1.6.0)
      loofah (~> 2.21)
      nokogiri (~> 1.14)
    rails_autolink (1.1.8)
      actionview (> 3.1)
      activesupport (> 3.1)
      railties (> 3.1)
    railties (7.1.3.4)
      actionpack (= 7.1.3.4)
      activesupport (= 7.1.3.4)
      irb
      rackup (>= 1.0.0)
      rake (>= 12.2)
      thor (~> 1.0, >= 1.2.2)
      zeitwerk (~> 2.6)
    rainbow (3.1.1)
    rake (13.2.1)
    rdoc (6.7.0)
      psych (>= 4.0.0)
    recaptcha (5.17.0)
    regexp_parser (2.9.2)
    reline (0.5.8)
      io-console (~> 0.5)
    rexml (3.2.9)
      strscan
    rspec-core (3.13.0)
      rspec-support (~> 3.13.0)
    rspec-expectations (3.13.0)
      diff-lcs (>= 1.2.0, < 2.0)
      rspec-support (~> 3.13.0)
    rspec-mocks (3.13.1)
      diff-lcs (>= 1.2.0, < 2.0)
      rspec-support (~> 3.13.0)
    rspec-rails (6.1.2)
      actionpack (>= 6.1)
      activesupport (>= 6.1)
      railties (>= 6.1)
      rspec-core (~> 3.13)
      rspec-expectations (~> 3.13)
      rspec-mocks (~> 3.13)
      rspec-support (~> 3.13)
    rspec-support (3.13.1)
    rubocop (1.64.1)
      json (~> 2.3)
      language_server-protocol (>= 3.17.0)
      parallel (~> 1.10)
      parser (>= 3.3.0.2)
      rainbow (>= 2.2.2, < 4.0)
      regexp_parser (>= 1.8, < 3.0)
      rexml (>= 3.2.5, < 4.0)
      rubocop-ast (>= 1.31.1, < 2.0)
      ruby-progressbar (~> 1.7)
      unicode-display_width (>= 2.4.0, < 3.0)
    rubocop-ast (1.31.3)
      parser (>= 3.3.1.0)
    rubocop-capybara (2.21.0)
      rubocop (~> 1.41)
    rubocop-factory_bot (2.26.0)
      rubocop (~> 1.41)
    rubocop-performance (1.21.0)
      rubocop (>= 1.48.1, < 2.0)
      rubocop-ast (>= 1.31.1, < 2.0)
    rubocop-rails (2.25.0)
      activesupport (>= 4.2.0)
      rack (>= 1.1)
      rubocop (>= 1.33.0, < 2.0)
      rubocop-ast (>= 1.31.1, < 2.0)
    rubocop-rspec (2.31.0)
      rubocop (~> 1.40)
      rubocop-capybara (~> 2.17)
      rubocop-factory_bot (~> 2.22)
      rubocop-rspec_rails (~> 2.28)
    rubocop-rspec_rails (2.29.0)
      rubocop (~> 1.40)
    ruby-progressbar (1.13.0)
    rubyzip (2.3.2)
    selenium-webdriver (4.21.1)
      base64 (~> 0.2)
      rexml (~> 3.2, >= 3.2.5)
      rubyzip (>= 1.2.2, < 3.0)
      websocket (~> 1.0)
    simplecov (0.22.0)
      docile (~> 1.1)
      simplecov-html (~> 0.11)
      simplecov_json_formatter (~> 0.1)
    simplecov-html (0.12.3)
    simplecov_json_formatter (0.1.4)
    sitemap_generator (6.3.0)
      builder (~> 3.0)
    sshkit (1.22.2)
      base64
      mutex_m
      net-scp (>= 1.1.2)
      net-sftp (>= 2.1.2)
      net-ssh (>= 2.8.0)
    stanford-mods (3.3.9)
      activesupport
      mods (~> 3.0, >= 3.0.4)
    stimulus-rails (1.3.3)
      railties (>= 6.0.0)
    stringio (3.1.0)
    strscan (3.1.0)
    thor (1.3.1)
    timeout (0.4.1)
    tophat (2.3.1)
      actionpack (>= 3.0.0)
    turbo-rails (2.0.5)
      actionpack (>= 6.0.0)
      activejob (>= 6.0.0)
      railties (>= 6.0.0)
    tzinfo (2.0.6)
      concurrent-ruby (~> 1.0)
    unicode-display_width (2.5.0)
    uri (0.13.0)
    view_component (3.12.1)
      activesupport (>= 5.2.0, < 8.0)
      concurrent-ruby (~> 1.0)
      method_source (~> 1.0)
    web-console (4.2.1)
      actionview (>= 6.0.0)
      activemodel (>= 6.0.0)
      bindex (>= 0.4.0)
      railties (>= 6.0.0)
    webmock (3.23.1)
      addressable (>= 2.8.0)
      crack (>= 0.3.2)
      hashdiff (>= 0.4.0, < 2.0.0)
    webrick (1.8.1)
    websocket (1.2.10)
    websocket-driver (0.7.6)
      websocket-extensions (>= 0.1.0)
    websocket-extensions (0.1.5)
    whenever (1.0.0)
      chronic (>= 0.6.3)
    xpath (3.2.0)
      nokogiri (~> 1.8)
    zeitwerk (2.6.15)

PLATFORMS
  ruby
  x86_64-darwin-20
  x86_64-linux

DEPENDENCIES
  addressable
  bootsnap (>= 1.1.0)
  cancancan
  capistrano (~> 3.0)
  capistrano-bundler
  capistrano-passenger
  capistrano-rails
  capistrano-shared_configs
  capybara
  config
  debug
  dlss-capistrano
  dor-rights-auth (~> 1.6)
  faraday
  honeybadger
  iiif-presentation (~> 1.3)
  importmap-rails
  jbuilder
  jsonpath
  mods_display (~> 1.5)
  newrelic_rpm
  ocfl (~> 0.5)
  okcomputer
  propshaft
  puma (~> 6.0)
  rails (~> 7.1.0)
  recaptcha
  rspec-rails (~> 6.0)
  rubocop
  rubocop-performance
  rubocop-rails
  rubocop-rspec
  selenium-webdriver (!= 3.13.0)
  simplecov
  sitemap_generator
  stimulus-rails
  tophat
  turbo-rails
  tzinfo-data
  view_component
  web-console (>= 3.3.0)
  webmock (~> 3.19)
  whenever

BUNDLED WITH
   2.3.19
