GEM
  remote: https://rubygems.org/
  remote: http://sulair-rails-dev.stanford.edu/
  specs:
    actionmailer (2.3.18)
      actionpack (= 2.3.18)
    actionpack (2.3.18)
      activesupport (= 2.3.18)
      rack (~> 1.1.0)
    activerecord (2.3.18)
      activesupport (= 2.3.18)
    activeresource (2.3.18)
      activesupport (= 2.3.18)
    activesupport (2.3.18)
    daemons (1.1.9)
    diff-lcs (1.2.4)
    dor-rights-auth (0.8.0)
      nokogiri
      rest-client
    eventmachine (1.0.3)
    hoe (3.6.3)
      rake (>= 0.8, < 11.0)
    htmlentities (4.3.1)
    i18n (0.6.4)
    iso-639 (0.1.0)
    mime-types (1.21)
    mods (0.0.22)
      iso-639
      nokogiri
      nom-xml
    mods_display (0.0.1.beta6)
      stanford-mods
    nokogiri (1.5.6)
    nom-xml (0.5.1)
      activesupport
      i18n
      nokogiri
    rack (1.1.6)
    rails (2.3.18)
      actionmailer (= 2.3.18)
      actionpack (= 2.3.18)
      activerecord (= 2.3.18)
      activeresource (= 2.3.18)
      activesupport (= 2.3.18)
      rake (>= 0.8.3)
    rake (10.0.4)
    rest-client (1.6.7)
      mime-types (>= 1.16)
    rspec (2.13.0)
      rspec-core (~> 2.13.0)
      rspec-expectations (~> 2.13.0)
      rspec-mocks (~> 2.13.0)
    rspec-core (2.13.1)
    rspec-expectations (2.13.0)
      diff-lcs (>= 1.1.3, < 2.0)
    rspec-mocks (2.13.1)
    rspec-rails (1.3.2)
      rack (>= 1.0.0)
      rspec (>= 1.3.0)
    stanford-mods (0.0.15)
      mods
    test-unit (1.2.3)
      hoe (>= 1.5.1)
    thin (1.5.1)
      daemons (>= 1.0.9)
      eventmachine (>= 0.12.6)
      rack (>= 1.0.0)

PLATFORMS
  ruby

DEPENDENCIES
  dor-rights-auth
  htmlentities
  mods_display
  rails (= 2.3.18)
  rake
  rspec-rails (= 1.3.2)
  test-unit (= 1.2.3)
  thin
